GIT
  remote: git://github.com/concordia-publishing-house/houston-dashboards.git
  revision: 34e51905bfa523d1e5578d4b3a4124a8d7f3110c
  branch: master
  specs:
    houston-dashboards (0.0.1)
      ruby-ntlm
      savon (~> 2.0)

GIT
  remote: git://github.com/concordia-publishing-house/houston-reports.git
  revision: 520cfe4091765d6e71fe7673d26bff75afd5294c
  branch: master
  specs:
    houston-reports (0.0.1)

GIT
  remote: git://github.com/concordia-publishing-house/houston-support_form.git
  revision: bbfe2533e44053d6c4c0d60b67bcdaa3097129b3
  branch: master
  specs:
    houston-support_form (0.0.1)

GIT
  remote: git://github.com/concordia-publishing-house/itsm.git
  revision: dbe9b64b9fd8a5c6dcc577adb6075c2f603d5fa8
  branch: master
  specs:
    itsm (0.0.1)
      nokogiri
      ruby-ntlm
      savon (~> 2.0)

GIT
  remote: git://github.com/concordia-publishing-house/star.git
  revision: 4a6cc0d3be10ba2422066d61a231f1b5bc73b8a1
  branch: master
  specs:
    star (0.0.1)
      faraday
      faraday-raise-errors
      multi_json
      nokogiri
      ruby-ntlm

GIT
  remote: git://github.com/houston/houston-alerts.git
  revision: 159a11c5e16432f762f94e3b27e9ac4a2d9760e0
  branch: master
  specs:
    houston-alerts (0.0.1)

GIT
  remote: git://github.com/houston/houston-core.git
  revision: 36304cd10bc822bdcd99c189220af588e9460277
  branch: master
  specs:
    houston-core (0.5.6)
      activerecord-import
      activerecord-pluck_in_batches
      addressable
      boblail-unfuddle
      browser
      bundler
      cancan (~> 1.6.10)
      codeclimate-test-reporter (= 0.4.8)
      coffee-rails (~> 4.1.0)
      default_value_for (= 3.0.1)
      devise (~> 3.5.0)
      devise_invitable (~> 1.5.3)
      engineyard (~> 3.2.1)
      faraday (~> 0.8.10)
      faraday-http-cache (~> 1.2.2)
      faraday-raise-errors (~> 0.2.0)
      gemoji (~> 2.1.0)
      googlecharts (~> 1.6.12)
      handlebars_assets (~> 0.21.0)
      houston-devise_ldap_authenticatable
      houston-oauth-plugin
      houston-vestal_versions
      hpricot (~> 0.8.6)
      neat-rails
      nested_editor_for
      nokogiri (~> 1.6.6.2)
      octokit (~> 4.1.0)
      oj (~> 2.13)
      openxml-xlsx (>= 0.2.0)
      pg (~> 0.18.3)
      pg_search (~> 1.0.5)
      premailer (~> 1.8.6)
      progressbar
      rack-utf8_sanitizer (~> 1.3.1)
      rails (~> 4.2.5)
      redcarpet (~> 3.3.2)
      rufus-scheduler (~> 3.1.7)
      rugged (~> 0.23.3)
      sass-rails (~> 5.0)
      simplecov (~> 0.9.1)
      sprockets (~> 2.8)
      strongbox (~> 0.7.2)
      thor
      thread_safe (~> 0.3.5)
      uglifier (>= 2.7.2)
      whenever (= 0.9.2)

GIT
  remote: git://github.com/houston/houston-feedback.git
  revision: 03b4cc2a9fde02e6c535ff7194e0b111ea0d9b47
  branch: master
  specs:
    houston-feedback (0.0.1)
      activerecord-import
      pg_search
      rails

GIT
  remote: git://github.com/houston/houston-roadmap.git
  revision: 437cfba5a470dbc974271d75ad771f92f751ef5e
  branch: master
  specs:
    houston-roadmap (0.0.1)

GIT
  remote: git://github.com/houston/houston-scheduler.git
  revision: 97bf483394e05cd177280c455964e03dd887432c
  branch: master
  specs:
    houston-scheduler (0.0.1)

GIT
  remote: git://github.com/houston/houston-slack.git
  revision: f5e7e90be62bd967eb5eab49173fb42557ce1873
  branch: master
  specs:
    houston-slack (0.0.1)
      faraday
      multi_json
      websocket-driver

GEM
  remote: https://rubygems.org/
  specs:
    actionmailer (4.2.5)
      actionpack (= 4.2.5)
      actionview (= 4.2.5)
      activejob (= 4.2.5)
      mail (~> 2.5, >= 2.5.4)
      rails-dom-testing (~> 1.0, >= 1.0.5)
    actionpack (4.2.5)
      actionview (= 4.2.5)
      activesupport (= 4.2.5)
      rack (~> 1.6)
      rack-test (~> 0.6.2)
      rails-dom-testing (~> 1.0, >= 1.0.5)
      rails-html-sanitizer (~> 1.0, >= 1.0.2)
    actionview (4.2.5)
      activesupport (= 4.2.5)
      builder (~> 3.1)
      erubis (~> 2.7.0)
      rails-dom-testing (~> 1.0, >= 1.0.5)
      rails-html-sanitizer (~> 1.0, >= 1.0.2)
    activejob (4.2.5)
      activesupport (= 4.2.5)
      globalid (>= 0.3.0)
    activemodel (4.2.5)
      activesupport (= 4.2.5)
      builder (~> 3.1)
    activerecord (4.2.5)
      activemodel (= 4.2.5)
      activesupport (= 4.2.5)
      arel (~> 6.0)
    activerecord-import (0.10.0)
      activerecord (>= 3.0)
    activerecord-pluck_in_batches (0.1.0)
      activerecord
    activesupport (4.2.5)
      i18n (~> 0.7)
      json (~> 1.7, >= 1.7.7)
      minitest (~> 5.1)
      thread_safe (~> 0.3, >= 0.3.4)
      tzinfo (~> 1.1)
    addressable (2.3.8)
    airbrake (4.3.4)
      builder
      multi_json
    akami (1.3.1)
      gyoku (>= 0.4.0)
      nokogiri
    ansi (1.5.0)
    arel (6.0.3)
    bcrypt (3.1.10)
    better_errors (2.1.1)
      coderay (>= 1.0.0)
      erubis (>= 2.6.6)
      rack (>= 0.9.0)
    boblail-unfuddle (0.7.0)
      activesupport
      builder
      faraday (~> 0.8.8)
    browser (1.0.1)
    builder (3.2.2)
    callsite (0.0.11)
    cancan (1.6.10)
    capybara (2.5.0)
      mime-types (>= 1.16)
      nokogiri (>= 1.3.3)
      rack (>= 1.0.0)
      rack-test (>= 0.5.4)
      xpath (~> 2.0)
    celluloid (0.17.2)
      celluloid-essentials
      celluloid-extras
      celluloid-fsm
      celluloid-pool
      celluloid-supervision
      timers (>= 4.1.1)
    celluloid-essentials (0.20.5)
      timers (>= 4.1.1)
    celluloid-extras (0.20.5)
      timers (>= 4.1.1)
    celluloid-fsm (0.20.5)
      timers (>= 4.1.1)
    celluloid-pool (0.20.5)
      timers (>= 4.1.1)
    celluloid-supervision (0.20.5)
      timers (>= 4.1.1)
    chronic (0.10.2)
    codeclimate-test-reporter (0.4.8)
      simplecov (>= 0.7.1, < 1.0.0)
    coderay (1.1.0)
    coffee-rails (4.1.0)
      coffee-script (>= 2.2.0)
      railties (>= 4.0.0, < 5.0)
    coffee-script (2.4.1)
      coffee-script-source
      execjs
    coffee-script-source (1.10.0)
    crack (0.4.3)
      safe_yaml (~> 1.0.0)
    css_parser (1.3.7)
      addressable
    default_value_for (3.0.1)
      activerecord (>= 3.2.0, < 5.0)
    devise (3.5.2)
      bcrypt (~> 3.0)
      orm_adapter (~> 0.1)
      railties (>= 3.2.6, < 5)
      responders
      thread_safe (~> 0.1)
      warden (~> 1.2.3)
    devise_invitable (1.5.3)
      actionmailer (>= 3.2.6, < 5)
      devise (>= 3.2.0)
    docile (1.1.5)
    domain_name (0.5.25)
      unf (>= 0.0.5, < 1.0.0)
    engineyard (3.2.1)
      engineyard-cloud-client (~> 2.1)
      engineyard-serverside-adapter (~> 2.2)
      escape (~> 0.0.4)
      highline (~> 1.6.1)
      launchy (~> 2.1)
      net-ssh (~> 2.7)
    engineyard-cloud-client (2.1.1)
      multi_json (~> 1.6)
      rest-client (~> 1.7)
    engineyard-serverside-adapter (2.4.0)
      escape (~> 0.0.4)
      multi_json (~> 1.6)
    erubis (2.7.0)
    escape (0.0.4)
    execjs (2.6.0)
    factory_girl (4.5.0)
      activesupport (>= 3.0.0)
    factory_girl_rails (4.5.0)
      factory_girl (~> 4.5.0)
      railties (>= 3.0.0)
    faraday (0.8.11)
      multipart-post (~> 1.2.0)
    faraday-http-cache (1.2.2)
      faraday (~> 0.8)
    faraday-raise-errors (0.2.0)
      faraday
    faraday_middleware (0.8.8)
      faraday (>= 0.7.4, < 0.9)
    gemoji (2.1.0)
    git-version-bump (0.15.1)
    globalid (0.3.6)
      activesupport (>= 4.1.0)
    googlecharts (1.6.12)
    gyoku (1.3.1)
      builder (>= 2.1.2)
    handlebars_assets (0.21.0)
      execjs (~> 2.0)
      multi_json (~> 1.0)
      sprockets (>= 2.0.0, < 4.0)
      tilt (~> 1.2)
    hashdiff (0.2.3)
    hashie (3.4.3)
    highline (1.6.21)
    hike (1.2.3)
    hitimes (1.2.3)
    houston-devise_ldap_authenticatable (0.7.1)
      devise (>= 3.0.0)
      net-ldap (~> 0.12.1)
    houston-oauth-plugin (0.5.1)
      multi_json
      oauth (~> 0.4.4)
      oauth2 (>= 0.5.0)
      rack
    houston-vestal_versions (2.0.0)
      activerecord (>= 3, < 5)
      activesupport (>= 3, < 5)
    hpricot (0.8.6)
    htmlentities (4.3.4)
    http-cookie (1.0.2)
      domain_name (~> 0.5)
    httpi (2.4.1)
      rack
    i18n (0.7.0)
    inflection (1.0.0)
    json (1.8.3)
    jwt (1.5.2)
    kgio (2.10.0)
    launchy (2.4.3)
      addressable (~> 2.3)
    letter_opener (1.4.1)
      launchy (~> 2.2)
    libv8 (3.16.14.13)
    loofah (2.0.3)
      nokogiri (>= 1.5.9)
    mail (2.6.3)
      mime-types (>= 1.16, < 3)
    meta_request (0.3.4)
      callsite (~> 0.0, >= 0.0.11)
      rack-contrib (~> 1.1)
      railties (>= 3.0.0, < 5.0.0)
    method_source (0.8.2)
    mime-types (1.25.1)
    mini_portile (0.6.2)
    minitest (5.8.3)
    minitest-reporters (1.1.7)
      ansi
      builder
      minitest (>= 5.0)
      ruby-progressbar
    minitest-reporters-turn_reporter (0.1.0)
      minitest-reporters
    multi_json (1.11.2)
    multi_xml (0.5.5)
    multipart-post (1.2.0)
    neat-rails (0.1.0)
    nested_editor_for (0.1.0)
    net-ldap (0.12.1)
    net-ssh (2.9.2)
    netrc (0.11.0)
    nokogiri (1.6.6.4)
      mini_portile (~> 0.6.0)
    nori (2.6.0)
    oauth (0.4.7)
    oauth2 (1.0.0)
      faraday (>= 0.8, < 0.10)
      jwt (~> 1.0)
      multi_json (~> 1.3)
      multi_xml (~> 0.5)
      rack (~> 1.2)
    octokit (4.1.1)
      sawyer (~> 0.6.0, >= 0.5.3)
    oj (2.14.0)
    openxml-package (0.2.1)
      nokogiri
      ox
      rubyzip (~> 1.1.0)
    openxml-xlsx (0.2.1)
      nokogiri
      openxml-package (>= 0.2.0)
    orm_adapter (0.5.0)
    ox (2.2.2)
    pg (0.18.4)
    pg_search (1.0.5)
      activerecord (>= 3.1)
      activesupport (>= 3.1)
      arel
    premailer (1.8.6)
      css_parser (>= 1.3.6)
      htmlentities (>= 4.0.0)
    progressbar (0.21.0)
    pry (0.10.3)
      coderay (~> 1.1.0)
      method_source (~> 0.8.1)
      slop (~> 3.4)
    rack (1.6.4)
    rack-contrib (1.4.0)
      git-version-bump (~> 0.15)
      rack (~> 1.4)
    rack-test (0.6.3)
      rack (>= 1.0)
    rack-utf8_sanitizer (1.3.1)
      rack (~> 1.0)
    rails (4.2.5)
      actionmailer (= 4.2.5)
      actionpack (= 4.2.5)
      actionview (= 4.2.5)
      activejob (= 4.2.5)
      activemodel (= 4.2.5)
      activerecord (= 4.2.5)
      activesupport (= 4.2.5)
      bundler (>= 1.3.0, < 2.0)
      railties (= 4.2.5)
      sprockets-rails
    rails-deprecated_sanitizer (1.0.3)
      activesupport (>= 4.2.0.alpha)
    rails-dom-testing (1.0.7)
      activesupport (>= 4.2.0.beta, < 5.0)
      nokogiri (~> 1.6.0)
      rails-deprecated_sanitizer (>= 1.0.1)
    rails-html-sanitizer (1.0.2)
      loofah (~> 2.0)
    railties (4.2.5)
      actionpack (= 4.2.5)
      activesupport (= 4.2.5)
      rake (>= 0.8.7)
      thor (>= 0.18.1, < 2.0)
    raindrops (0.15.0)
    rake (10.4.2)
    redcarpet (3.3.3)
    ref (2.0.0)
    responders (2.1.0)
      railties (>= 4.2.0, < 5)
    rest-client (1.8.0)
      http-cookie (>= 1.0.2, < 2.0)
      mime-types (>= 1.16, < 3.0)
      netrc (~> 0.7)
    rr (1.1.2)
    ruby-ntlm (0.0.1)
    ruby-progressbar (1.7.5)
    rubyzip (1.1.7)
    rufus-scheduler (3.1.10)
    rugged (0.23.3)
    safe_yaml (1.0.4)
    sass (3.4.20)
    sass-rails (5.0.4)
      railties (>= 4.0.0, < 5.0)
      sass (~> 3.1)
      sprockets (>= 2.8, < 4.0)
      sprockets-rails (>= 2.0, < 4.0)
      tilt (>= 1.1, < 3)
    savon (2.11.1)
      akami (~> 1.2)
      builder (>= 2.1.2)
      gyoku (~> 1.2)
      httpi (~> 2.3)
      nokogiri (>= 1.4.0)
      nori (~> 2.4)
      wasabi (~> 3.4)
    sawyer (0.6.0)
      addressable (~> 2.3.5)
      faraday (~> 0.8, < 0.10)
    shoulda-context (1.2.1)
    simplecov (0.9.2)
      docile (~> 1.1.0)
      multi_json (~> 1.0)
      simplecov-html (~> 0.9.0)
    simplecov-html (0.9.0)
    simplecov-json (0.2)
      json
      simplecov
    skylight (0.10.0)
      activesupport (>= 3.0.0)
    slop (3.6.0)
    spring (1.5.0)
    sprockets (2.12.4)
      hike (~> 1.2)
      multi_json (~> 1.0)
      rack (~> 1.0)
      tilt (~> 1.1, != 1.3.0)
    sprockets-rails (2.3.3)
      actionpack (>= 3.0)
      activesupport (>= 3.0)
      sprockets (>= 2.8, < 4.0)
    strongbox (0.7.2)
      activerecord
    sucker_punch (1.6.0)
      celluloid (~> 0.17.2)
    therubyracer (0.12.2)
      libv8 (~> 3.16.14.0)
      ref
    thor (0.19.1)
    thread_safe (0.3.5)
    tilt (1.4.1)
    timecop (0.8.0)
    timers (4.1.1)
      hitimes
    tzinfo (1.2.2)
      thread_safe (~> 0.1)
    uglifier (2.7.2)
      execjs (>= 0.3.0)
      json (>= 1.8.0)
    unf (0.1.4)
      unf_ext
    unf_ext (0.0.7.1)
    unicorn (5.0.1)
      kgio (~> 2.6)
      rack
      raindrops (~> 0.7)
    unicorn-rails (2.2.0)
      rack
      unicorn
    warden (1.2.4)
      rack (>= 1.0)
    wasabi (3.5.0)
      httpi (~> 2.0)
      nokogiri (>= 1.4.2)
    webmock (1.22.3)
      addressable (>= 2.3.6)
      crack (>= 0.3.2)
      hashdiff
    websocket-driver (0.6.3)
      websocket-extensions (>= 0.1.0)
    websocket-extensions (0.1.2)
    whenever (0.9.2)
      activesupport (>= 2.3.4)
      chronic (>= 0.6.3)
    xpath (2.0.0)
      nokogiri (~> 1.3)
    zendesk_api (1.2.10)
      faraday (~> 0.8.0)
      faraday_middleware (~> 0.8.7)
      hashie (>= 1.2)
      inflection
      mime-types (~> 1.0)
      multi_json
      multipart-post (~> 1.1)

PLATFORMS
  ruby

DEPENDENCIES
  airbrake
  better_errors
  capybara
  factory_girl_rails
  houston-alerts!
  houston-core!
  houston-dashboards!
  houston-feedback!
  houston-reports!
  houston-roadmap!
  houston-scheduler!
  houston-slack!
  houston-support_form!
  itsm!
  letter_opener
  meta_request
  minitest
  minitest-reporters
  minitest-reporters-turn_reporter
  pry
  rr
  shoulda-context
  simplecov-json
  skylight
  spring
  star!
  sucker_punch
  therubyracer
  timecop
  unicorn-rails
  webmock
  zendesk_api

BUNDLED WITH
   1.10.6
