GIT
  remote: https://github.com/cph/devise_ldap_authenticatable.git
  revision: 16017a0ec83a81f41ca6d0a549e56125b25937f1
  branch: master
  specs:
    devise_ldap_authenticatable (0.7.1)
      devise (>= 3.0.0)
      net-ldap (>= 0.16.0)

GIT
  remote: https://github.com/cph/houston-watcher.git
  revision: 3ac698d16dd48d3dad3a9648ab6ab7948317cf55
  branch: master
  specs:
    houston-watcher (0.0.1)
      houston-core (>= 0.9.2)
      multi_json (~> 1.13.1)

GIT
  remote: https://github.com/cph/logeater.git
  revision: 4630dcbac6b76afc731ee371816c2b4a475aeec5
  branch: master
  specs:
    logeater (0.5.3.pre)
      activerecord (>= 4.2.7, < 5.1.0)
      activerecord-import (~> 0.10)
      activesupport (>= 4.2.7, < 5.1.0)
      addressable
      oj (>= 2.15)
      pg (>= 0.18.0, < 1.0)
      ruby-progressbar
      standalone_migrations (~> 5.0.0)
      thor (~> 0.19.1)

GIT
  remote: https://github.com/cph/star.git
  revision: d26329c92ac89779476183ad213bb6a56331287f
  branch: master
  specs:
    star (0.0.1)
      faraday
      faraday-raise-errors
      multi_json
      nokogiri
      ruby-ntlm

GIT
  remote: https://github.com/houston/houston-alerts.git
  revision: 567316a4d118ed6293811b36596ee9c00c12dadf
  branch: master
  specs:
    houston-alerts (0.0.1)
      houston-core (>= 0.8.0.pre)
      octicons

GIT
  remote: https://github.com/houston/houston-ci.git
  revision: f370cc5268293c1aefe8cabc05b5b433f626ca03
  branch: master
  specs:
    houston-ci (0.0.1)
      googlecharts (~> 1.6.12)
      houston-core (>= 0.8.0.pre)
      simplecov (~> 0.9.1)

GIT
  remote: https://github.com/houston/houston-commits.git
  revision: 33592b9ad980b596459a392b49bc6dab1914d8fe
  branch: master
  specs:
    houston-commits (0.0.1)
      houston-core (>= 0.8.0)
      octokit (~> 4.6.2)
      rugged (~> 0.26.0)

GIT
  remote: https://github.com/houston/houston-conversations.git
  revision: b292c90c3a74c73e2a97e23e20fa640dc3e48c54
  branch: master
  specs:
    houston-conversations (0.1.0)
      attentive (~> 0.3.3)
      concurrent-ruby
      houston-core (>= 0.8.0.pre)

GIT
  remote: https://github.com/houston/houston-core.git
  revision: fde0f11942852319d58bf1abb34573d89beca819
  branch: master
  specs:
    houston-core (0.9.2)
      activerecord-import
      activerecord-pluck_in_batches (~> 0.2.0)
      addressable (~> 2.3.8)
      attentive (>= 0.3.9)
      browser (~> 2.3.0)
      cancancan (~> 1.16.0)
      coffee-rails (~> 4.1.0)
      concurrent-ruby (~> 1.0.2)
      devise
      devise_invitable
      faraday (~> 0.9.2)
      faraday-http-cache (~> 1.2.2)
      faraday-raise-errors (~> 0.3.0)
      gemoji (~> 2.1.0)
      handlebars_assets (~> 0.23.0)
      kramdown
      mail (~> 2.6.6)
      neat-rails (~> 0.5.1)
      nokogiri (~> 1.8)
      oauth2
      oj (~> 3.0)
      openxml-xlsx (>= 0.2.0)
      pg (~> 0.21.0)
      pg_search (~> 1.0.5)
      premailer (~> 1.10.0)
      progressbar (~> 0.21.0)
      rack-utf8_sanitizer (~> 1.3.1)
      rails (~> 5.0.0)
      rufus-scheduler (~> 3.4.0)
      sass-rails (~> 5.0)
      slackdown (>= 0.2.1)
      thor
      uglifier (>= 2.7.2)

GIT
  remote: https://github.com/houston/houston-exceptions.git
  revision: 915af627be7ec6bf6c561c16f37f548b43e6e870
  branch: master
  specs:
    houston-exceptions (0.0.1)
      houston-core (>= 0.8.0.pre)

GIT
  remote: https://github.com/houston/houston-feedback.git
  revision: d215e677ac96aac08771be278c41c5243b3cc072
  branch: master
  specs:
    houston-feedback (0.0.1)
      activerecord-import
      charlock_holmes
      houston-core (>= 0.8.0.pre)
      houston-vestal_versions
      pg_search
      pluck_map
      redcarpet

GIT
  remote: https://github.com/houston/houston-releases.git
  revision: 0c115db690f9702a193f94a92d3b5f615bb513c3
  branch: master
  specs:
    houston-releases (0.0.1)
      houston-core (>= 0.8.0.pre)
      record_tag_helper (~> 1.0)

GIT
  remote: https://github.com/houston/houston-roadmaps.git
  revision: d8df0e26dc0f2a367f4699abe8aafa25881734cd
  branch: master
  specs:
    houston-roadmaps (0.1.0)
      houston-core (>= 0.8.0.pre)
      houston-tickets
      neat-rails (>= 0.2.0)

GIT
  remote: https://github.com/houston/houston-scheduler.git
  revision: a0f81bd08b4473c8da50e0f841a1072480e13933
  branch: master
  specs:
    houston-scheduler (0.0.1)
      houston-core (>= 0.7.0)
      houston-tickets

GIT
  remote: https://github.com/houston/houston-slack.git
  revision: ee991909e88ad7533b19aa555a3c1840da474aeb
  branch: master
  specs:
    houston-slack (0.0.1)
      attentive
      houston-conversations (>= 0.1.0)
      houston-core (>= 0.8.0.pre)
      slacks (>= 0.5.0.pre)

GIT
  remote: https://github.com/houston/houston-tickets.git
  revision: a27b08adc44dafa8d75fde59d1923d22df73981e
  branch: master
  specs:
    houston-tickets (0.0.1)
      houston-commits
      houston-core (>= 0.8.0.pre)
      houston-vestal_versions

GIT
  remote: https://github.com/houston/houston-todolists.git
  revision: 95e28bfcb060093943b2358530d7665c623a4c26
  branch: master
  specs:
    houston-todolists (0.0.1)
      houston-core (>= 0.9.0)

GIT
  remote: https://github.com/houston/houston-twilio.git
  revision: c1cd9908a7f3d55601533408486e6d484333d15c
  branch: master
  specs:
    houston-twilio (0.0.1)
      houston-core (>= 0.8.0.pre)
      twilio-ruby (~> 4.11.1)

GIT
  remote: https://github.com/houston/slacks.git
  revision: 1d43065882b8c6c547999d2198c4e573d71dcd78
  branch: master
  specs:
    slacks (0.5.0)
      concurrent-ruby
      faraday
      faraday-raise-errors
      multi_json
      websocket-driver

GIT
  remote: https://github.com/macks/ruby-ntlm.git
  revision: 323ef447c04e130a31940fa6dabe96607677c22b
  specs:
    ruby-ntlm (0.0.4)

GEM
  remote: https://rubygems.org/
  specs:
    actioncable (5.0.7.2)
      actionpack (= 5.0.7.2)
      nio4r (>= 1.2, < 3.0)
      websocket-driver (~> 0.6.1)
    actionmailer (5.0.7.2)
      actionpack (= 5.0.7.2)
      actionview (= 5.0.7.2)
      activejob (= 5.0.7.2)
      mail (~> 2.5, >= 2.5.4)
      rails-dom-testing (~> 2.0)
    actionpack (5.0.7.2)
      actionview (= 5.0.7.2)
      activesupport (= 5.0.7.2)
      rack (~> 2.0)
      rack-test (~> 0.6.3)
      rails-dom-testing (~> 2.0)
      rails-html-sanitizer (~> 1.0, >= 1.0.2)
    actionview (5.0.7.2)
      activesupport (= 5.0.7.2)
      builder (~> 3.1)
      erubis (~> 2.7.0)
      rails-dom-testing (~> 2.0)
      rails-html-sanitizer (~> 1.0, >= 1.0.3)
    activejob (5.0.7.2)
      activesupport (= 5.0.7.2)
      globalid (>= 0.3.6)
    activemodel (5.0.7.2)
      activesupport (= 5.0.7.2)
    activerecord (5.0.7.2)
      activemodel (= 5.0.7.2)
      activesupport (= 5.0.7.2)
      arel (~> 7.0)
    activerecord-import (0.28.1)
      activerecord (>= 3.2)
    activerecord-pluck_in_batches (0.2.1)
      activerecord (>= 4.2.7, < 5.2.0)
    activesupport (5.0.7.2)
      concurrent-ruby (~> 1.0, >= 1.0.2)
      i18n (>= 0.7, < 2)
      minitest (~> 5.1)
      tzinfo (~> 1.1)
    addressable (2.3.8)
    airbrake (4.3.8)
      builder
      multi_json
    ansi (1.5.0)
    arel (7.1.4)
    attentive (0.3.9)
      concurrent-ruby
    bcrypt (3.1.12)
    better_errors (2.5.0)
      coderay (>= 1.0.0)
      erubi (>= 1.0.0)
      rack (>= 0.9.0)
    browser (2.3.0)
    builder (3.2.3)
    cancancan (1.16.0)
    capybara (3.12.0)
      addressable
      mini_mime (>= 0.1.3)
      nokogiri (~> 1.8)
      rack (>= 1.6.0)
      rack-test (>= 0.6.3)
      regexp_parser (~> 1.2)
      xpath (~> 3.2)
    celluloid (0.17.4)
      celluloid-essentials
      celluloid-extras
      celluloid-fsm
      celluloid-pool
      celluloid-supervision
      timers (>= 4.1.1)
    celluloid-essentials (0.20.5)
      timers (>= 4.1.1)
    celluloid-extras (0.20.5)
      timers (>= 4.1.1)
    celluloid-fsm (0.20.5)
      timers (>= 4.1.1)
    celluloid-pool (0.20.5)
      timers (>= 4.1.1)
    celluloid-supervision (0.20.6)
      timers (>= 4.1.1)
    charlock_holmes (0.7.6)
    coderay (1.1.2)
    coffee-rails (4.1.1)
      coffee-script (>= 2.2.0)
      railties (>= 4.0.0, < 5.1.x)
    coffee-script (2.4.1)
      coffee-script-source
      execjs
    coffee-script-source (1.12.2)
    concurrent-ruby (1.0.5)
    connection_pool (2.2.2)
    crack (0.4.3)
      safe_yaml (~> 1.0.0)
    crass (1.0.4)
    css_parser (1.6.0)
      addressable
    devise (4.6.1)
      bcrypt (~> 3.0)
      orm_adapter (~> 0.1)
      railties (>= 4.1.0, < 6.0)
      responders
      warden (~> 1.2.3)
    devise_invitable (1.7.5)
      actionmailer (>= 4.1.0)
      devise (>= 4.0.0)
    docile (1.1.5)
    domain_name (0.5.20180417)
      unf (>= 0.0.5, < 1.0.0)
    engineyard (3.2.5)
      addressable (= 2.3.8)
      engineyard-cloud-client (~> 2.1)
      engineyard-serverside-adapter (~> 2.2)
      escape (~> 0.0.4)
      highline (~> 1.6.1)
      launchy (~> 2.1)
      net-ssh (~> 2.7)
    engineyard-cloud-client (2.1.1)
      multi_json (~> 1.6)
      rest-client (~> 1.7)
    engineyard-serverside-adapter (2.4.0)
      escape (~> 0.0.4)
      multi_json (~> 1.6)
    erubi (1.8.0)
    erubis (2.7.0)
    escape (0.0.4)
    et-orbi (1.1.6)
      tzinfo
    execjs (2.7.0)
    factory_girl (4.9.0)
      activesupport (>= 3.0.0)
    factory_girl_rails (4.9.0)
      factory_girl (~> 4.9.0)
      railties (>= 3.0.0)
    faraday (0.9.2)
      multipart-post (>= 1.2, < 3)
    faraday-http-cache (1.2.2)
      faraday (~> 0.8)
    faraday-raise-errors (0.3.0)
      faraday
    ffi (1.10.0)
    gemoji (2.1.0)
    globalid (0.4.2)
      activesupport (>= 4.2.0)
    googlecharts (1.6.12)
    graphql (1.8.13)
    graphql-client (0.14.0)
      activesupport (>= 3.0, < 6.0)
      graphql (~> 1.6)
    handlebars_assets (0.23.2)
      execjs (~> 2.0)
      sprockets (>= 2.0.0)
      tilt (>= 1.2)
    hashdiff (0.3.8)
    highline (1.6.21)
    houston-vestal_versions (2.0.1)
      activerecord (>= 3, < 6)
      activesupport (>= 3, < 6)
    htmlentities (4.3.4)
    http-cookie (1.0.3)
      domain_name (~> 0.5)
    httpclient (2.8.3)
    i18n (1.6.0)
      concurrent-ruby (~> 1.0)
    json (2.1.0)
    jwt (1.5.6)
    kramdown (1.13.2)
    launchy (2.4.3)
      addressable (~> 2.3)
    letter_opener (1.7.0)
      launchy (~> 2.2)
    libv8 (3.16.14.19)
    little-plugger (1.1.4)
    logging (2.2.2)
      little-plugger (~> 1.1)
      multi_json (~> 1.10)
    loofah (2.2.3)
      crass (~> 1.0.2)
      nokogiri (>= 1.5.9)
    mail (2.6.6)
      mime-types (>= 1.16, < 4)
    mechanize (2.7.6)
      domain_name (~> 0.5, >= 0.5.1)
      http-cookie (~> 1.0)
      mime-types (>= 1.17.2)
      net-http-digest_auth (~> 1.1, >= 1.1.1)
      net-http-persistent (>= 2.5.2)
      nokogiri (~> 1.6)
      ntlm-http (~> 0.1, >= 0.1.1)
      webrobots (>= 0.0.9, < 0.2)
    method_source (0.9.2)
    mime-types (2.99.3)
    mini_mime (1.0.1)
    mini_portile2 (2.4.0)
    minitest (5.11.3)
    minitest-reporters (1.3.5)
      ansi
      builder
      minitest (>= 5.0)
      ruby-progressbar
    minitest-reporters-turn_reporter (0.1.2)
      minitest-reporters
    multi_json (1.13.1)
    multi_xml (0.6.0)
    multipart-post (2.0.0)
    neat-rails (0.5.1)
    net-http-digest_auth (1.4.1)
    net-http-persistent (3.0.0)
      connection_pool (~> 2.2)
    net-ldap (0.16.1)
    net-ssh (2.9.4)
    netrc (0.11.0)
    nio4r (2.3.1)
    nokogiri (1.10.1)
      mini_portile2 (~> 2.4.0)
    ntlm-http (0.1.1)
    oauth2 (1.4.1)
      faraday (>= 0.8, < 0.16.0)
      jwt (>= 1.0, < 3.0)
      multi_json (~> 1.3)
      multi_xml (~> 0.5)
      rack (>= 1.2, < 3)
    octicons (8.2.0)
      nokogiri (>= 1.6.3.1)
    octokit (4.6.2)
      sawyer (~> 0.8.0, >= 0.5.3)
    oj (3.7.6)
    openxml-package (0.3.3)
      nokogiri
      ox
      rubyzip (~> 1.2.2)
    openxml-xlsx (0.2.3)
      nokogiri
      openxml-package (>= 0.2.0)
    orm_adapter (0.5.0)
    ox (2.10.0)
    pg (0.21.0)
    pg_search (1.0.6)
      activerecord (>= 3.1)
      activesupport (>= 3.1)
      arel
    pluck_map (0.2.1)
    premailer (1.10.4)
      addressable
      css_parser (>= 1.4.10)
      htmlentities (>= 4.0.0)
    progressbar (0.21.0)
    pry (0.12.2)
      coderay (~> 1.1.0)
      method_source (~> 0.9.0)
    puma (3.12.0)
    rack (2.0.6)
    rack-test (0.6.3)
      rack (>= 1.0)
    rack-utf8_sanitizer (1.3.2)
      rack (>= 1.0, < 3.0)
    rails (5.0.7.2)
      actioncable (= 5.0.7.2)
      actionmailer (= 5.0.7.2)
      actionpack (= 5.0.7.2)
      actionview (= 5.0.7.2)
      activejob (= 5.0.7.2)
      activemodel (= 5.0.7.2)
      activerecord (= 5.0.7.2)
      activesupport (= 5.0.7.2)
      bundler (>= 1.3.0)
      railties (= 5.0.7.2)
      sprockets-rails (>= 2.0.0)
    rails-dom-testing (2.0.3)
      activesupport (>= 4.2.0)
      nokogiri (>= 1.6)
    rails-html-sanitizer (1.0.4)
      loofah (~> 2.2, >= 2.2.2)
    railties (5.0.7.2)
      actionpack (= 5.0.7.2)
      activesupport (= 5.0.7.2)
      method_source
      rake (>= 0.8.7)
      thor (>= 0.18.1, < 2.0)
    rake (10.5.0)
    rb-fsevent (0.10.3)
    rb-inotify (0.10.0)
      ffi (~> 1.0)
    record_tag_helper (1.0.0)
      actionview (~> 5.x)
    redcarpet (3.4.0)
    redis (3.3.5)
    ref (2.0.0)
    regexp_parser (1.3.0)
    responders (2.4.1)
      actionpack (>= 4.2.0, < 6.0)
      railties (>= 4.2.0, < 6.0)
    rest-client (1.8.0)
      http-cookie (>= 1.0.2, < 2.0)
      mime-types (>= 1.16, < 3.0)
      netrc (~> 0.7)
    rr (1.2.1)
    ruby-progressbar (1.10.0)
    rubyntlm (0.6.2)
    rubyzip (1.2.2)
    rufus-scheduler (3.4.2)
      et-orbi (~> 1.0)
    rugged (0.26.7)
    safe_yaml (1.0.4)
    sass (3.7.3)
      sass-listen (~> 4.0.0)
    sass-listen (4.0.0)
      rb-fsevent (~> 0.9, >= 0.9.4)
      rb-inotify (~> 0.9, >= 0.9.7)
    sass-rails (5.0.7)
      railties (>= 4.0.0, < 6)
      sass (~> 3.1)
      sprockets (>= 2.8, < 4.0)
      sprockets-rails (>= 2.0, < 4.0)
      tilt (>= 1.1, < 3)
    sawyer (0.8.1)
      addressable (>= 2.3.5, < 2.6)
      faraday (~> 0.8, < 1.0)
    shoulda-context (1.2.2)
    simplecov (0.9.2)
      docile (~> 1.1.0)
      multi_json (~> 1.0)
      simplecov-html (~> 0.9.0)
    simplecov-html (0.9.0)
    simplecov-json (0.2)
      json
      simplecov
    skylight (3.1.2)
      skylight-core (= 3.1.2)
    skylight-core (3.1.2)
      activesupport (>= 4.2.0)
    slackdown (0.2.2)
      kramdown (~> 1.13.2)
    spring (2.0.2)
      activesupport (>= 4.2)
    sprockets (3.7.2)
      concurrent-ruby (~> 1.0)
      rack (> 1, < 3)
    sprockets-rails (3.2.1)
      actionpack (>= 4.0)
      activesupport (>= 4.0)
      sprockets (>= 3.0.0)
    standalone_migrations (5.0.0)
      activerecord (>= 4.2.7, < 5.1.0)
      railties (>= 4.2.7, < 5.1.0)
      rake (~> 10.0)
    sucker_punch (1.6.0)
      celluloid (~> 0.17.2)
    therubyracer (0.12.3)
      libv8 (~> 3.16.14.15)
      ref
    thor (0.19.4)
    thread_safe (0.3.6)
    tilt (2.0.9)
    timecop (0.9.1)
    timers (4.2.0)
    twilio-ruby (4.11.1)
      builder (>= 2.1.2)
      jwt (~> 1.0)
      multi_json (>= 1.3.0)
    tzinfo (1.2.5)
      thread_safe (~> 0.1)
    uglifier (4.1.20)
      execjs (>= 0.3.0, < 3)
    unf (0.1.4)
      unf_ext
    unf_ext (0.0.7.5)
    viewpoint (1.1.0)
      httpclient
      logging
      nokogiri
      rubyntlm
    warden (1.2.8)
      rack (>= 2.0.6)
    webmock (3.5.1)
      addressable (>= 2.3.6)
      crack (>= 0.3.2)
      hashdiff
    webrobots (0.1.2)
    websocket-driver (0.6.5)
      websocket-extensions (>= 0.1.0)
    websocket-extensions (0.1.3)
    xpath (3.2.0)
      nokogiri (~> 1.8)

PLATFORMS
  ruby

DEPENDENCIES
  airbrake (~> 4.0)
  better_errors
  bundler
  capybara
  devise_ldap_authenticatable!
  engineyard (~> 3.2.1)
  factory_girl_rails
  graphql-client
  houston-alerts!
  houston-ci!
  houston-commits!
  houston-conversations!
  houston-core!
  houston-exceptions!
  houston-feedback!
  houston-releases!
  houston-roadmaps!
  houston-scheduler!
  houston-slack!
  houston-tickets!
  houston-todolists!
  houston-twilio!
  houston-watcher!
  letter_opener
  logeater!
  mechanize
  minitest
  minitest-reporters
  minitest-reporters-turn_reporter
  pry
  puma
  redis (< 4.0)
  rr
  ruby-ntlm!
  shoulda-context
  simplecov-json
  skylight
  slacks (>= 0.5.0.pre)!
  spring
  star!
  sucker_punch (~> 1.6)
  therubyracer
  timecop
  viewpoint
  webmock

BUNDLED WITH
   1.16.4
