GIT
  remote: git://github.com/cph/houston-sprints.git
  revision: d6f5b3e9f6313a80970055295991cf2f1656e54d
  branch: master
  specs:
    houston-sprints (0.0.1)
      houston-core (>= 0.8.0.pre)
      houston-tickets

GIT
  remote: git://github.com/cph/houston-support_form.git
  revision: 18f42ae6b8f7d6bc55aafdd470120f2c4e7abc1e
  branch: master
  specs:
    houston-support_form (0.0.1)
      houston-core (>= 0.7.0.beta2)

GIT
  remote: git://github.com/cph/itsm.git
  revision: 230e6a7e1c9f2e164864a44a5a115feac9b52383
  branch: master
  specs:
    itsm (0.0.1)
      nokogiri
      ruby-ntlm
      savon (~> 2.0)

GIT
  remote: git://github.com/cph/logeater.git
  revision: 52021b81be977d58f1f571262de73eb52bc54135
  branch: master
  specs:
    logeater (0.4.0)
      activerecord (>= 4.2.7, < 5.1.0)
      activerecord-import (~> 0.10)
      activesupport (>= 4.2.7, < 5.1.0)
      addressable
      oj (~> 2.15)
      pg (>= 0.18.0, < 1.0)
      ruby-progressbar
      standalone_migrations (~> 5.0.0)
      thor (~> 0.19.1)

GIT
  remote: git://github.com/cph/star.git
  revision: 830da77964af5e78be4462fc28a83c5c86198409
  branch: master
  specs:
    star (0.0.1)
      faraday
      faraday-raise-errors
      multi_json
      nokogiri
      ruby-ntlm

GIT
  remote: git://github.com/houston/houston-alerts.git
  revision: 42c3b289260d4cceaedceeec2c10187f3cc6393c
  branch: master
  specs:
    houston-alerts (0.0.1)
      houston-core (>= 0.8.0.pre)

GIT
  remote: git://github.com/houston/houston-brakeman.git
  revision: bb09dc4c329293ed76b57c843a0f1465fbb970c5
  branch: master
  specs:
    houston-brakeman (0.0.1)
      houston-core (>= 0.7.0.beta4)

GIT
  remote: git://github.com/houston/houston-ci.git
  revision: ab6b3db1ed6a32dadb5a491ad9cb250cda6a3161
  branch: master
  specs:
    houston-ci (0.0.1)
      googlecharts (~> 1.6.12)
      houston-core (>= 0.8.0.pre)
      simplecov (~> 0.9.1)

GIT
  remote: git://github.com/houston/houston-commits.git
  revision: 927e7ecd2eb20dd5e137cb380b4c10a98d32f4ff
  branch: master
  specs:
    houston-commits (0.0.1)
      houston-core (>= 0.8.0)
      octokit (~> 4.6.2)
      rugged (~> 0.25.0)

GIT
  remote: git://github.com/houston/houston-conversations.git
  revision: c65f78f2ab76d4c442d5e679ced60f6870cc681a
  branch: master
  specs:
    houston-conversations (0.1.0)
      attentive (~> 0.3.3)
      concurrent-ruby
      houston-core (>= 0.8.0.pre)

GIT
  remote: git://github.com/houston/houston-core.git
  revision: 9c51720fe72d850dc8aeccae796964d316f6e220
  branch: 0.9-dev
  specs:
    houston-core (0.9.0.pre.dev)
      activerecord-import
      activerecord-pluck_in_batches (~> 0.2.0)
      addressable (~> 2.3.8)
      attentive (>= 0.3.9)
      browser (~> 2.3.0)
      cancancan (~> 1.16.0)
      coffee-rails (~> 4.1.0)
      concurrent-ruby (~> 1.0.2)
      devise
      devise_invitable
      faraday (~> 0.9.2)
      faraday-http-cache (~> 1.2.2)
      faraday-raise-errors (~> 0.2.0)
      gemoji (~> 2.1.0)
      handlebars_assets (~> 0.23.0)
      houston-vestal_versions
      kramdown
      neat-rails
      nested_editor_for
      nokogiri
      oauth2
      oj (~> 2.18)
      openxml-xlsx (>= 0.2.0)
      pg (~> 0.19.0)
      pg_search (~> 1.0.5)
      premailer (~> 1.10.0)
      progressbar (~> 0.21.0)
      rack-utf8_sanitizer (~> 1.3.1)
      rails (~> 5.0.0)
      rufus-scheduler (~> 3.3.4)
      sass-rails (~> 5.0)
      slackdown (>= 0.2.1)
      thor
      uglifier (>= 2.7.2)

GIT
  remote: git://github.com/houston/houston-credentials.git
  revision: aea052dc982375f5698db341bb8c56acf89e2470
  branch: master
  specs:
    houston-credentials (0.0.1)
      houston-core (>= 0.8.3)
      strongbox (~> 0.7.2)

GIT
  remote: git://github.com/houston/houston-exceptions.git
  revision: 915af627be7ec6bf6c561c16f37f548b43e6e870
  branch: master
  specs:
    houston-exceptions (0.0.1)
      houston-core (>= 0.8.0.pre)

GIT
  remote: git://github.com/houston/houston-feedback.git
  revision: 56720a6976b1473710c5b3994143c33a9c69dd7c
  branch: master
  specs:
    houston-feedback (0.0.1)
      activerecord-import
      charlock_holmes
      houston-core (>= 0.8.0.pre)
      pg_search
      pluck_map
      redcarpet

GIT
  remote: git://github.com/houston/houston-releases.git
  revision: 01ac6b1440ba90ed3638d9aebc6e829a46bfca40
  branch: master
  specs:
    houston-releases (0.0.1)
      houston-core (>= 0.8.0.pre)
      nested_editor_for (~> 0.1.1)
      record_tag_helper (~> 1.0)

GIT
  remote: git://github.com/houston/houston-roadmaps.git
  revision: ffa1ce2a4b4fcb8a775350d048070cbf772905cc
  branch: master
  specs:
    houston-roadmaps (0.1.0)
      houston-core (>= 0.8.0.pre)
      houston-tickets
      neat-rails (>= 0.2.0)

GIT
  remote: git://github.com/houston/houston-scheduler.git
  revision: 77f38044edbc600bd5a5899690aa98314f0de04d
  branch: master
  specs:
    houston-scheduler (0.0.1)
      houston-core (>= 0.7.0)
      houston-tickets

GIT
  remote: git://github.com/houston/houston-slack.git
  revision: 9c31b9ff7dce60474914c5315391a043cf96eea0
  branch: master
  specs:
    houston-slack (0.0.1)
      attentive
      houston-conversations (>= 0.1.0)
      houston-core (>= 0.8.0.pre)
      slacks (>= 0.5.0.pre)

GIT
  remote: git://github.com/houston/houston-tickets.git
  revision: c705c275c4c951d202582f8bd5b53e97ac2f1432
  branch: master
  specs:
    houston-tickets (0.0.1)
      boblail-unfuddle
      houston-commits
      houston-core (>= 0.8.0.pre)
      houston-credentials

GIT
  remote: git://github.com/houston/houston-todolists.git
  revision: 5d2274988b501ca1a031b872e16e4bfb30257c6f
  branch: master
  specs:
    houston-todolists (0.0.1)
      houston-core (>= 0.9.0.pre.dev)

GIT
  remote: git://github.com/houston/houston-twilio.git
  revision: 7d449389773a1bd61f646a1ce7e454375e28f109
  branch: master
  specs:
    houston-twilio (0.0.1)
      houston-core (>= 0.8.0.pre)
      twilio-ruby (~> 4.11.1)

GIT
  remote: git://github.com/houston/slacks.git
  revision: a8c3b2b9e47f7a3332289aa3ee585981a4cc8f2f
  branch: master
  specs:
    slacks (0.5.0.pre)
      concurrent-ruby
      faraday
      faraday-raise-errors
      multi_json
      websocket-driver

GIT
  remote: git://github.com/macks/ruby-ntlm.git
  revision: ff9bf86577d39c9a6b8d68742823e6cf2aab808c
  specs:
    ruby-ntlm (0.0.3)

GEM
  remote: https://rubygems.org/
  specs:
    actioncable (5.0.2)
      actionpack (= 5.0.2)
      nio4r (>= 1.2, < 3.0)
      websocket-driver (~> 0.6.1)
    actionmailer (5.0.2)
      actionpack (= 5.0.2)
      actionview (= 5.0.2)
      activejob (= 5.0.2)
      mail (~> 2.5, >= 2.5.4)
      rails-dom-testing (~> 2.0)
    actionpack (5.0.2)
      actionview (= 5.0.2)
      activesupport (= 5.0.2)
      rack (~> 2.0)
      rack-test (~> 0.6.3)
      rails-dom-testing (~> 2.0)
      rails-html-sanitizer (~> 1.0, >= 1.0.2)
    actionview (5.0.2)
      activesupport (= 5.0.2)
      builder (~> 3.1)
      erubis (~> 2.7.0)
      rails-dom-testing (~> 2.0)
      rails-html-sanitizer (~> 1.0, >= 1.0.3)
    activejob (5.0.2)
      activesupport (= 5.0.2)
      globalid (>= 0.3.6)
    activemodel (5.0.2)
      activesupport (= 5.0.2)
    activerecord (5.0.2)
      activemodel (= 5.0.2)
      activesupport (= 5.0.2)
      arel (~> 7.0)
    activerecord-import (0.17.2)
      activerecord (>= 3.2)
    activerecord-pluck_in_batches (0.2.0)
      activerecord (>= 4.2.7, < 5.1.0)
    activesupport (5.0.2)
      concurrent-ruby (~> 1.0, >= 1.0.2)
      i18n (~> 0.7)
      minitest (~> 5.1)
      tzinfo (~> 1.1)
    addressable (2.3.8)
    airbrake (4.3.8)
      builder
      multi_json
    akami (1.3.1)
      gyoku (>= 0.4.0)
      nokogiri
    ansi (1.5.0)
    arel (7.1.4)
    attentive (0.3.9)
      concurrent-ruby
    bcrypt (3.1.11)
    better_errors (2.1.1)
      coderay (>= 1.0.0)
      erubis (>= 2.6.6)
      rack (>= 0.9.0)
    boblail-unfuddle (0.7.1)
      activesupport
      builder
      faraday (>= 0.8, < 0.10)
    browser (2.3.0)
    builder (3.2.3)
    cancancan (1.16.0)
    capybara (2.13.0)
      addressable
      mime-types (>= 1.16)
      nokogiri (>= 1.3.3)
      rack (>= 1.0.0)
      rack-test (>= 0.5.4)
      xpath (~> 2.0)
    celluloid (0.17.3)
      celluloid-essentials
      celluloid-extras
      celluloid-fsm
      celluloid-pool
      celluloid-supervision
      timers (>= 4.1.1)
    celluloid-essentials (0.20.5)
      timers (>= 4.1.1)
    celluloid-extras (0.20.5)
      timers (>= 4.1.1)
    celluloid-fsm (0.20.5)
      timers (>= 4.1.1)
    celluloid-pool (0.20.5)
      timers (>= 4.1.1)
    celluloid-supervision (0.20.6)
      timers (>= 4.1.1)
    charlock_holmes (0.7.3)
    coderay (1.1.1)
    coffee-rails (4.1.1)
      coffee-script (>= 2.2.0)
      railties (>= 4.0.0, < 5.1.x)
    coffee-script (2.4.1)
      coffee-script-source
      execjs
    coffee-script-source (1.12.2)
    concurrent-ruby (1.0.5)
    crack (0.4.3)
      safe_yaml (~> 1.0.0)
    css_parser (1.4.10)
      addressable
    devise (4.2.1)
      bcrypt (~> 3.0)
      orm_adapter (~> 0.1)
      railties (>= 4.1.0, < 5.1)
      responders
      warden (~> 1.2.3)
    devise_invitable (1.7.1)
      actionmailer (>= 4.1.0)
      devise (>= 4.0.0)
    docile (1.1.5)
    domain_name (0.5.20170223)
      unf (>= 0.0.5, < 1.0.0)
    engineyard (3.2.5)
      addressable (= 2.3.8)
      engineyard-cloud-client (~> 2.1)
      engineyard-serverside-adapter (~> 2.2)
      escape (~> 0.0.4)
      highline (~> 1.6.1)
      launchy (~> 2.1)
      net-ssh (~> 2.7)
    engineyard-cloud-client (2.1.1)
      multi_json (~> 1.6)
      rest-client (~> 1.7)
    engineyard-serverside-adapter (2.4.0)
      escape (~> 0.0.4)
      multi_json (~> 1.6)
    erubis (2.7.0)
    escape (0.0.4)
    execjs (2.7.0)
    factory_girl (4.8.0)
      activesupport (>= 3.0.0)
    factory_girl_rails (4.8.0)
      factory_girl (~> 4.8.0)
      railties (>= 3.0.0)
    faraday (0.9.2)
      multipart-post (>= 1.2, < 3)
    faraday-http-cache (1.2.2)
      faraday (~> 0.8)
    faraday-raise-errors (0.2.0)
      faraday
    gemoji (2.1.0)
    globalid (0.3.7)
      activesupport (>= 4.1.0)
    googlecharts (1.6.12)
    gyoku (1.3.1)
      builder (>= 2.1.2)
    handlebars_assets (0.23.1)
      execjs (~> 2.0)
      multi_json (~> 1.0)
      sprockets (>= 2.0.0)
      tilt (>= 1.2)
    hashdiff (0.3.2)
    highline (1.6.21)
    hitimes (1.2.4)
    houston-devise_ldap_authenticatable (0.7.1)
      devise (>= 3.0.0)
      net-ldap (~> 0.12.1)
    houston-vestal_versions (2.0.1)
      activerecord (>= 3, < 6)
      activesupport (>= 3, < 6)
    htmlentities (4.3.4)
    http-cookie (1.0.3)
      domain_name (~> 0.5)
    httpclient (2.8.3)
    httpi (2.4.2)
      rack
      socksify
    i18n (0.8.1)
    json (2.0.3)
    jwt (1.5.6)
    kramdown (1.13.2)
    launchy (2.4.3)
      addressable (~> 2.3)
    letter_opener (1.4.1)
      launchy (~> 2.2)
    libv8 (3.16.14.19)
    little-plugger (1.1.4)
    logging (2.2.0)
      little-plugger (~> 1.1)
      multi_json (~> 1.10)
    loofah (2.0.3)
      nokogiri (>= 1.5.9)
    mail (2.6.4)
      mime-types (>= 1.16, < 4)
    mechanize (2.7.5)
      domain_name (~> 0.5, >= 0.5.1)
      http-cookie (~> 1.0)
      mime-types (>= 1.17.2)
      net-http-digest_auth (~> 1.1, >= 1.1.1)
      net-http-persistent (~> 2.5, >= 2.5.2)
      nokogiri (~> 1.6)
      ntlm-http (~> 0.1, >= 0.1.1)
      webrobots (>= 0.0.9, < 0.2)
    method_source (0.8.2)
    mime-types (2.99.3)
    mini_portile2 (2.1.0)
    minitest (5.10.1)
    minitest-reporters (1.1.14)
      ansi
      builder
      minitest (>= 5.0)
      ruby-progressbar
    minitest-reporters-turn_reporter (0.1.2)
      minitest-reporters
    multi_json (1.12.1)
    multi_xml (0.6.0)
    multipart-post (2.0.0)
    neat-rails (0.5.0)
    nested_editor_for (0.1.1)
    net-http-digest_auth (1.4.1)
    net-http-persistent (2.9.4)
    net-ldap (0.12.1)
    net-ssh (2.9.4)
    netrc (0.11.0)
    nio4r (2.0.0)
    nokogiri (1.7.1)
      mini_portile2 (~> 2.1.0)
    nori (2.6.0)
    ntlm-http (0.1.1)
    oauth2 (1.3.1)
      faraday (>= 0.8, < 0.12)
      jwt (~> 1.0)
      multi_json (~> 1.3)
      multi_xml (~> 0.5)
      rack (>= 1.2, < 3)
    octokit (4.6.2)
      sawyer (~> 0.8.0, >= 0.5.3)
    oj (2.18.5)
    openxml-package (0.2.7)
      nokogiri
      ox
      rubyzip (~> 1.2.1)
    openxml-xlsx (0.2.3)
      nokogiri
      openxml-package (>= 0.2.0)
    orm_adapter (0.5.0)
    ox (2.4.11)
    pg (0.19.0)
    pg_search (1.0.6)
      activerecord (>= 3.1)
      activesupport (>= 3.1)
      arel
    pluck_map (0.1.0)
    premailer (1.10.2)
      addressable
      css_parser (>= 1.4.10)
      htmlentities (>= 4.0.0)
    progressbar (0.21.0)
    pry (0.10.4)
      coderay (~> 1.1.0)
      method_source (~> 0.8.1)
      slop (~> 3.4)
    puma (3.8.2)
    rack (2.0.1)
    rack-test (0.6.3)
      rack (>= 1.0)
    rack-utf8_sanitizer (1.3.2)
      rack (>= 1.0, < 3.0)
    rails (5.0.2)
      actioncable (= 5.0.2)
      actionmailer (= 5.0.2)
      actionpack (= 5.0.2)
      actionview (= 5.0.2)
      activejob (= 5.0.2)
      activemodel (= 5.0.2)
      activerecord (= 5.0.2)
      activesupport (= 5.0.2)
      bundler (>= 1.3.0, < 2.0)
      railties (= 5.0.2)
      sprockets-rails (>= 2.0.0)
    rails-dom-testing (2.0.2)
      activesupport (>= 4.2.0, < 6.0)
      nokogiri (~> 1.6)
    rails-html-sanitizer (1.0.3)
      loofah (~> 2.0)
    railties (5.0.2)
      actionpack (= 5.0.2)
      activesupport (= 5.0.2)
      method_source
      rake (>= 0.8.7)
      thor (>= 0.18.1, < 2.0)
    rake (10.5.0)
    record_tag_helper (1.0.0)
      actionview (~> 5.x)
    redcarpet (3.4.0)
    redis (3.3.3)
    ref (2.0.0)
    responders (2.3.0)
      railties (>= 4.2.0, < 5.1)
    rest-client (1.8.0)
      http-cookie (>= 1.0.2, < 2.0)
      mime-types (>= 1.16, < 3.0)
      netrc (~> 0.7)
    rr (1.2.0)
    ruby-progressbar (1.8.1)
    rubyntlm (0.6.1)
    rubyzip (1.2.1)
    rufus-scheduler (3.3.4)
      tzinfo
    rugged (0.25.1.1)
    safe_yaml (1.0.4)
    sass (3.4.23)
    sass-rails (5.0.6)
      railties (>= 4.0.0, < 6)
      sass (~> 3.1)
      sprockets (>= 2.8, < 4.0)
      sprockets-rails (>= 2.0, < 4.0)
      tilt (>= 1.1, < 3)
    savon (2.11.1)
      akami (~> 1.2)
      builder (>= 2.1.2)
      gyoku (~> 1.2)
      httpi (~> 2.3)
      nokogiri (>= 1.4.0)
      nori (~> 2.4)
      wasabi (~> 3.4)
    sawyer (0.8.1)
      addressable (>= 2.3.5, < 2.6)
      faraday (~> 0.8, < 1.0)
    shoulda-context (1.2.2)
    simplecov (0.9.2)
      docile (~> 1.1.0)
      multi_json (~> 1.0)
      simplecov-html (~> 0.9.0)
    simplecov-html (0.9.0)
    simplecov-json (0.2)
      json
      simplecov
    skylight (1.1.0)
      activesupport (>= 3.0.0)
    slackdown (0.2.2)
      kramdown (~> 1.13.2)
    slop (3.6.0)
    socksify (1.7.1)
    spring (2.0.1)
      activesupport (>= 4.2)
    sprockets (3.7.1)
      concurrent-ruby (~> 1.0)
      rack (> 1, < 3)
    sprockets-rails (3.2.0)
      actionpack (>= 4.0)
      activesupport (>= 4.0)
      sprockets (>= 3.0.0)
    standalone_migrations (5.0.0)
      activerecord (>= 4.2.7, < 5.1.0)
      railties (>= 4.2.7, < 5.1.0)
      rake (~> 10.0)
    strongbox (0.7.2)
      activerecord
    sucker_punch (1.6.0)
      celluloid (~> 0.17.2)
    therubyracer (0.12.3)
      libv8 (~> 3.16.14.15)
      ref
    thor (0.19.4)
    thread_safe (0.3.6)
    tilt (2.0.7)
    timecop (0.8.1)
    timers (4.1.2)
      hitimes
    twilio-ruby (4.11.1)
      builder (>= 2.1.2)
      jwt (~> 1.0)
      multi_json (>= 1.3.0)
    tzinfo (1.2.2)
      thread_safe (~> 0.1)
    uglifier (3.1.9)
      execjs (>= 0.3.0, < 3)
    unf (0.1.4)
      unf_ext
    unf_ext (0.0.7.2)
    viewpoint (1.1.0)
      httpclient
      logging
      nokogiri
      rubyntlm
    warden (1.2.7)
      rack (>= 1.0)
    wasabi (3.5.0)
      httpi (~> 2.0)
      nokogiri (>= 1.4.2)
    webmock (2.3.2)
      addressable (>= 2.3.6)
      crack (>= 0.3.2)
      hashdiff
    webrobots (0.1.2)
    websocket-driver (0.6.5)
      websocket-extensions (>= 0.1.0)
    websocket-extensions (0.1.2)
    xpath (2.0.0)
      nokogiri (~> 1.3)

PLATFORMS
  ruby

DEPENDENCIES
  airbrake (~> 4.0)
  better_errors
  bundler
  capybara
  engineyard (~> 3.2.1)
  factory_girl_rails
  houston-alerts!
  houston-brakeman!
  houston-ci!
  houston-commits!
  houston-conversations!
  houston-core!
  houston-credentials!
  houston-devise_ldap_authenticatable
  houston-exceptions!
  houston-feedback!
  houston-releases!
  houston-roadmaps!
  houston-scheduler!
  houston-slack!
  houston-sprints!
  houston-support_form!
  houston-tickets!
  houston-todolists!
  houston-twilio!
  itsm!
  letter_opener
  logeater!
  mechanize
  minitest
  minitest-reporters
  minitest-reporters-turn_reporter
  pry
  puma
  redis
  rr
  ruby-ntlm!
  shoulda-context
  simplecov-json
  skylight
  slacks (>= 0.5.0.pre)!
  spring
  star!
  sucker_punch (~> 1.6)
  therubyracer
  timecop
  viewpoint
  webmock

BUNDLED WITH
   1.13.4
