GIT
  remote: git://github.com/DimaSamodurov/ruby-ntlm.git
  revision: 538ea6b86ca30042f761684d24ac8a6942197506
  branch: properly_resolve_ntlm_module
  specs:
    ruby-ntlm (0.0.1)

GIT
  remote: git://github.com/cph/houston-dashboards.git
  revision: 32cc14fe5dba58188df0744857a6aa3bac079dc4
  branch: master
  specs:
    houston-dashboards (0.0.1)
      houston-core (>= 0.7.0.beta4)
      ruby-ntlm
      savon (~> 2.0)

GIT
  remote: git://github.com/cph/houston-nanoconfs.git
  revision: 41d110e4ee3992ef476d6805a9716881dc7a44a7
  branch: master
  specs:
    houston-nanoconfs (0.0.1)

GIT
  remote: git://github.com/cph/houston-reports.git
  revision: 6ce2d1cee9ba01f8c5e9f9892599f6db988e7dea
  branch: master
  specs:
    houston-reports (0.0.1)

GIT
  remote: git://github.com/cph/houston-support_form.git
  revision: d8ebc08bffb7f5f9ffcfbea3d1b7d0ff36e00762
  branch: master
  specs:
    houston-support_form (0.0.1)
      houston-core (>= 0.7.0.beta2)

GIT
  remote: git://github.com/cph/itsm.git
  revision: dbe9b64b9fd8a5c6dcc577adb6075c2f603d5fa8
  branch: master
  specs:
    itsm (0.0.1)
      nokogiri
      ruby-ntlm
      savon (~> 2.0)

GIT
  remote: git://github.com/cph/logeater.git
  revision: 11ad19fc9ba446bb3cb6f665b62f522d0e97779f
  branch: master
  specs:
    logeater (0.3.1)
      activerecord (~> 4.2.3)
      activerecord-import (~> 0.10)
      activesupport (~> 4.2.3)
      addressable
      oj (~> 2.15)
      pg (~> 0.18.3)
      ruby-progressbar
      standalone_migrations (~> 4.0.0)
      thor (~> 0.19.1)

GIT
  remote: git://github.com/cph/star.git
  revision: d193ba40eec3aba84e27097b32c35a4e23cef9af
  branch: master
  specs:
    star (0.0.1)
      faraday
      faraday-raise-errors
      multi_json
      nokogiri
      ruby-ntlm

GIT
  remote: git://github.com/houston/houston-alerts.git
  revision: c6af08b76937779585401de3513669e195972f6e
  branch: master
  specs:
    houston-alerts (0.0.1)
      houston-core (>= 0.7.0.beta4)

GIT
  remote: git://github.com/houston/houston-brakeman.git
  revision: 6812db460cadd921c96b14a07fbf45524177587a
  branch: master
  specs:
    houston-brakeman (0.0.1)
      houston-core (>= 0.7.0.beta4)

GIT
  remote: git://github.com/houston/houston-conversations.git
  revision: 0c63d1098d8950d47949bd010be70e88085e5830
  branch: master
  specs:
    houston-conversations (0.1.0)
      attentive
      concurrent-ruby
      houston-core (>= 0.7.0.beta4)

GIT
  remote: git://github.com/houston/houston-core.git
  revision: f7ab22cd717f6ffd9b9ff4cd2219ca0ba176fbc2
  branch: master
  specs:
    houston-core (0.7.0.beta4)
      activerecord-import
      activerecord-pluck_in_batches
      addressable (~> 2.3.8)
      boblail-unfuddle
      browser (~> 1.1.0)
      bundler
      cancan (~> 1.6.10)
      codeclimate-test-reporter (= 0.4.8)
      coffee-rails (~> 4.1.0)
      default_value_for (= 3.0.1)
      devise (~> 3.5.0)
      devise_invitable (~> 1.5.3)
      engineyard (~> 3.2.1)
      faraday (~> 0.9.2)
      faraday-http-cache (~> 1.2.2)
      faraday-raise-errors (~> 0.2.0)
      gemoji (~> 2.1.0)
      googlecharts (~> 1.6.12)
      handlebars_assets (~> 0.23.0)
      houston-devise_ldap_authenticatable
      houston-vestal_versions
      hpricot (~> 0.8.6)
      neat-rails
      nested_editor_for
      nokogiri
      oauth2
      octokit (~> 4.3.0)
      oj (~> 2.13)
      openxml-xlsx (>= 0.2.0)
      pg (~> 0.18.3)
      pg_search (~> 1.0.5)
      premailer (~> 1.8.6)
      progressbar
      rack-utf8_sanitizer (~> 1.3.1)
      rails (~> 4.2.5)
      redcarpet (~> 3.3.2)
      rufus-scheduler (~> 3.2.0)
      rugged (~> 0.24.0)
      sass-rails (~> 5.0)
      simplecov (~> 0.9.1)
      strongbox (~> 0.7.2)
      thor
      thread_safe (~> 0.3.5)
      uglifier (>= 2.7.2)
      whenever (= 0.9.2)

GIT
  remote: git://github.com/houston/houston-feedback.git
  revision: 993c5fc3a31c29e4223a5a9093a4bf09c8e5c03f
  branch: master
  specs:
    houston-feedback (0.0.1)
      activerecord-import
      houston-core (>= 0.7.0.beta4)
      pg_search

GIT
  remote: git://github.com/houston/houston-roadmaps.git
  revision: 638642012ea4c561159d028dd83174ca5cc9e76e
  branch: master
  specs:
    houston-roadmaps (0.1.0)
      houston-core (>= 0.7.0.beta2)
      neat-rails (>= 0.2.0)

GIT
  remote: git://github.com/houston/houston-scheduler.git
  revision: 870ca798775e8fa3572c3965f0c73108d959f372
  branch: master
  specs:
    houston-scheduler (0.0.1)
      houston-core (>= 0.7.0.beta2)

GIT
  remote: git://github.com/houston/houston-slack.git
  revision: d446f6f5f1f496908f575bc841591f5d20f0bea7
  branch: master
  specs:
    houston-slack (0.0.1)
      attentive
      houston-conversations (>= 0.1.0)
      houston-core (>= 0.7.0.beta4)
      slacks (>= 0.4.0)

GIT
  remote: git://github.com/houston/houston-testing_report.git
  revision: 024220e15352c43c0a6ea479f8284f1d915d187e
  branch: master
  specs:
    houston-testing_report (0.0.1)
      houston-core (>= 0.7.0.beta4)

GEM
  remote: https://rubygems.org/
  specs:
    actionmailer (4.2.7)
      actionpack (= 4.2.7)
      actionview (= 4.2.7)
      activejob (= 4.2.7)
      mail (~> 2.5, >= 2.5.4)
      rails-dom-testing (~> 1.0, >= 1.0.5)
    actionpack (4.2.7)
      actionview (= 4.2.7)
      activesupport (= 4.2.7)
      rack (~> 1.6)
      rack-test (~> 0.6.2)
      rails-dom-testing (~> 1.0, >= 1.0.5)
      rails-html-sanitizer (~> 1.0, >= 1.0.2)
    actionview (4.2.7)
      activesupport (= 4.2.7)
      builder (~> 3.1)
      erubis (~> 2.7.0)
      rails-dom-testing (~> 1.0, >= 1.0.5)
      rails-html-sanitizer (~> 1.0, >= 1.0.2)
    activejob (4.2.7)
      activesupport (= 4.2.7)
      globalid (>= 0.3.0)
    activemodel (4.2.7)
      activesupport (= 4.2.7)
      builder (~> 3.1)
    activerecord (4.2.7)
      activemodel (= 4.2.7)
      activesupport (= 4.2.7)
      arel (~> 6.0)
    activerecord-import (0.15.0)
      activerecord (>= 3.2)
    activerecord-pluck_in_batches (0.1.1)
      activerecord
    activesupport (4.2.7)
      i18n (~> 0.7)
      json (~> 1.7, >= 1.7.7)
      minitest (~> 5.1)
      thread_safe (~> 0.3, >= 0.3.4)
      tzinfo (~> 1.1)
    addressable (2.3.8)
    airbrake (4.3.8)
      builder
      multi_json
    akami (1.3.1)
      gyoku (>= 0.4.0)
      nokogiri
    ansi (1.5.0)
    arel (6.0.3)
    attentive (0.3.2)
      thread_safe
    bcrypt (3.1.11)
    better_errors (2.1.1)
      coderay (>= 1.0.0)
      erubis (>= 2.6.6)
      rack (>= 0.9.0)
    boblail-unfuddle (0.7.1)
      activesupport
      builder
      faraday (>= 0.8, < 0.10)
    browser (1.1.0)
    builder (3.2.2)
    cancan (1.6.10)
    capybara (2.7.1)
      addressable
      mime-types (>= 1.16)
      nokogiri (>= 1.3.3)
      rack (>= 1.0.0)
      rack-test (>= 0.5.4)
      xpath (~> 2.0)
    celluloid (0.17.3)
      celluloid-essentials
      celluloid-extras
      celluloid-fsm
      celluloid-pool
      celluloid-supervision
      timers (>= 4.1.1)
    celluloid-essentials (0.20.5)
      timers (>= 4.1.1)
    celluloid-extras (0.20.5)
      timers (>= 4.1.1)
    celluloid-fsm (0.20.5)
      timers (>= 4.1.1)
    celluloid-pool (0.20.5)
      timers (>= 4.1.1)
    celluloid-supervision (0.20.6)
      timers (>= 4.1.1)
    chronic (0.10.2)
    codeclimate-test-reporter (0.4.8)
      simplecov (>= 0.7.1, < 1.0.0)
    coderay (1.1.1)
    coffee-rails (4.1.1)
      coffee-script (>= 2.2.0)
      railties (>= 4.0.0, < 5.1.x)
    coffee-script (2.4.1)
      coffee-script-source
      execjs
    coffee-script-source (1.10.0)
    concurrent-ruby (1.0.2)
    crack (0.4.3)
      safe_yaml (~> 1.0.0)
    css_parser (1.4.5)
      addressable
    default_value_for (3.0.1)
      activerecord (>= 3.2.0, < 5.0)
    devise (3.5.10)
      bcrypt (~> 3.0)
      orm_adapter (~> 0.1)
      railties (>= 3.2.6, < 5)
      responders
      thread_safe (~> 0.1)
      warden (~> 1.2.3)
    devise_invitable (1.5.5)
      actionmailer (>= 3.2.6, < 5)
      devise (>= 3.2.0)
    docile (1.1.5)
    domain_name (0.5.20160615)
      unf (>= 0.0.5, < 1.0.0)
    engineyard (3.2.1)
      engineyard-cloud-client (~> 2.1)
      engineyard-serverside-adapter (~> 2.2)
      escape (~> 0.0.4)
      highline (~> 1.6.1)
      launchy (~> 2.1)
      net-ssh (~> 2.7)
    engineyard-cloud-client (2.1.1)
      multi_json (~> 1.6)
      rest-client (~> 1.7)
    engineyard-serverside-adapter (2.4.0)
      escape (~> 0.0.4)
      multi_json (~> 1.6)
    erubis (2.7.0)
    escape (0.0.4)
    execjs (2.7.0)
    factory_girl (4.7.0)
      activesupport (>= 3.0.0)
    factory_girl_rails (4.7.0)
      factory_girl (~> 4.7.0)
      railties (>= 3.0.0)
    faraday (0.9.2)
      multipart-post (>= 1.2, < 3)
    faraday-http-cache (1.2.2)
      faraday (~> 0.8)
    faraday-raise-errors (0.2.0)
      faraday
    gemoji (2.1.0)
    globalid (0.3.6)
      activesupport (>= 4.1.0)
    googlecharts (1.6.12)
    gyoku (1.3.1)
      builder (>= 2.1.2)
    handlebars_assets (0.23.0)
      execjs (~> 2.0)
      multi_json (~> 1.0)
      sprockets (>= 2.0.0)
      tilt (>= 1.2)
    hashdiff (0.3.0)
    highline (1.6.21)
    hitimes (1.2.4)
    houston-devise_ldap_authenticatable (0.7.1)
      devise (>= 3.0.0)
      net-ldap (~> 0.12.1)
    houston-vestal_versions (2.0.0)
      activerecord (>= 3, < 5)
      activesupport (>= 3, < 5)
    hpricot (0.8.6)
    htmlentities (4.3.4)
    http-cookie (1.0.2)
      domain_name (~> 0.5)
    httpclient (2.8.0)
    httpi (2.4.2)
      rack
      socksify
    i18n (0.7.0)
    json (1.8.3)
    jwt (1.5.4)
    kgio (2.10.0)
    launchy (2.4.3)
      addressable (~> 2.3)
    letter_opener (1.4.1)
      launchy (~> 2.2)
    libv8 (3.16.14.15)
    little-plugger (1.1.4)
    logging (2.1.0)
      little-plugger (~> 1.1)
      multi_json (~> 1.10)
    loofah (2.0.3)
      nokogiri (>= 1.5.9)
    mail (2.6.4)
      mime-types (>= 1.16, < 4)
    mechanize (2.7.4)
      domain_name (~> 0.5, >= 0.5.1)
      http-cookie (~> 1.0)
      mime-types (>= 1.17.2, < 3)
      net-http-digest_auth (~> 1.1, >= 1.1.1)
      net-http-persistent (~> 2.5, >= 2.5.2)
      nokogiri (~> 1.6)
      ntlm-http (~> 0.1, >= 0.1.1)
      webrobots (>= 0.0.9, < 0.2)
    method_source (0.8.2)
    mime-types (2.99.2)
    mini_portile2 (2.1.0)
    minitest (5.9.0)
    minitest-reporters (1.1.10)
      ansi
      builder
      minitest (>= 5.0)
      ruby-progressbar
    minitest-reporters-turn_reporter (0.1.0)
      minitest-reporters
    multi_json (1.12.1)
    multi_xml (0.5.5)
    multipart-post (2.0.0)
    neat-rails (0.5.0)
    nested_editor_for (0.1.0)
    net-http-digest_auth (1.4)
    net-http-persistent (2.9.4)
    net-ldap (0.12.1)
    net-ssh (2.9.4)
    netrc (0.11.0)
    nokogiri (1.6.8)
      mini_portile2 (~> 2.1.0)
      pkg-config (~> 1.1.7)
    nori (2.6.0)
    ntlm-http (0.1.1)
    oauth2 (1.2.0)
      faraday (>= 0.8, < 0.10)
      jwt (~> 1.0)
      multi_json (~> 1.3)
      multi_xml (~> 0.5)
      rack (>= 1.2, < 3)
    octokit (4.3.0)
      sawyer (~> 0.7.0, >= 0.5.3)
    oj (2.17.1)
    openxml-package (0.2.4)
      nokogiri
      ox
      rubyzip (~> 1.1.0)
    openxml-xlsx (0.2.3)
      nokogiri
      openxml-package (>= 0.2.0)
    orm_adapter (0.5.0)
    ox (2.4.3)
    pg (0.18.4)
    pg_search (1.0.6)
      activerecord (>= 3.1)
      activesupport (>= 3.1)
      arel
    pkg-config (1.1.7)
    premailer (1.8.7)
      css_parser (>= 1.4.5)
      htmlentities (>= 4.0.0)
    progressbar (0.21.0)
    pry (0.10.4)
      coderay (~> 1.1.0)
      method_source (~> 0.8.1)
      slop (~> 3.4)
    rack (1.6.4)
    rack-test (0.6.3)
      rack (>= 1.0)
    rack-utf8_sanitizer (1.3.2)
      rack (>= 1.0, < 3.0)
    rails (4.2.7)
      actionmailer (= 4.2.7)
      actionpack (= 4.2.7)
      actionview (= 4.2.7)
      activejob (= 4.2.7)
      activemodel (= 4.2.7)
      activerecord (= 4.2.7)
      activesupport (= 4.2.7)
      bundler (>= 1.3.0, < 2.0)
      railties (= 4.2.7)
      sprockets-rails
    rails-deprecated_sanitizer (1.0.3)
      activesupport (>= 4.2.0.alpha)
    rails-dom-testing (1.0.7)
      activesupport (>= 4.2.0.beta, < 5.0)
      nokogiri (~> 1.6.0)
      rails-deprecated_sanitizer (>= 1.0.1)
    rails-html-sanitizer (1.0.3)
      loofah (~> 2.0)
    railties (4.2.7)
      actionpack (= 4.2.7)
      activesupport (= 4.2.7)
      rake (>= 0.8.7)
      thor (>= 0.18.1, < 2.0)
    raindrops (0.16.0)
    rake (10.5.0)
    redcarpet (3.3.4)
    ref (2.0.0)
    responders (2.2.0)
      railties (>= 4.2.0, < 5.1)
    rest-client (1.8.0)
      http-cookie (>= 1.0.2, < 2.0)
      mime-types (>= 1.16, < 3.0)
      netrc (~> 0.7)
    rr (1.2.0)
    ruby-progressbar (1.8.1)
    rubyntlm (0.6.0)
    rubyzip (1.1.7)
    rufus-scheduler (3.2.1)
    rugged (0.24.0)
    safe_yaml (1.0.4)
    sass (3.4.22)
    sass-rails (5.0.5)
      railties (>= 4.0.0, < 6)
      sass (~> 3.1)
      sprockets (>= 2.8, < 4.0)
      sprockets-rails (>= 2.0, < 4.0)
      tilt (>= 1.1, < 3)
    savon (2.11.1)
      akami (~> 1.2)
      builder (>= 2.1.2)
      gyoku (~> 1.2)
      httpi (~> 2.3)
      nokogiri (>= 1.4.0)
      nori (~> 2.4)
      wasabi (~> 3.4)
    sawyer (0.7.0)
      addressable (>= 2.3.5, < 2.5)
      faraday (~> 0.8, < 0.10)
    shoulda-context (1.2.1)
    simplecov (0.9.2)
      docile (~> 1.1.0)
      multi_json (~> 1.0)
      simplecov-html (~> 0.9.0)
    simplecov-html (0.9.0)
    simplecov-json (0.2)
      json
      simplecov
    skylight (0.10.5)
      activesupport (>= 3.0.0)
    slacks (0.4.0)
      concurrent-ruby
      faraday
      faraday-raise-errors
      multi_json
      websocket-driver
    slop (3.6.0)
    socksify (1.7.0)
    spring (1.7.2)
    sprockets (3.6.3)
      concurrent-ruby (~> 1.0)
      rack (> 1, < 3)
    sprockets-rails (3.1.1)
      actionpack (>= 4.0)
      activesupport (>= 4.0)
      sprockets (>= 3.0.0)
    standalone_migrations (4.0.4)
      activerecord (~> 4.2.5, >= 4.2.5.1)
      railties (~> 4.2.5, >= 4.2.5.1)
      rake (~> 10.0)
    strongbox (0.7.2)
      activerecord
    sucker_punch (1.6.0)
      celluloid (~> 0.17.2)
    therubyracer (0.12.2)
      libv8 (~> 3.16.14.0)
      ref
    thor (0.19.1)
    thread_safe (0.3.5)
    tilt (2.0.5)
    timecop (0.8.1)
    timers (4.1.1)
      hitimes
    tzinfo (1.2.2)
      thread_safe (~> 0.1)
    uglifier (3.0.0)
      execjs (>= 0.3.0, < 3)
    unf (0.1.4)
      unf_ext
    unf_ext (0.0.7.2)
    unicorn (5.1.0)
      kgio (~> 2.6)
      raindrops (~> 0.7)
    unicorn-rails (2.2.1)
      rack
      unicorn
    viewpoint (1.0.0)
      httpclient
      logging
      nokogiri
      rubyntlm
    warden (1.2.6)
      rack (>= 1.0)
    wasabi (3.5.0)
      httpi (~> 2.0)
      nokogiri (>= 1.4.2)
    webmock (2.1.0)
      addressable (>= 2.3.6)
      crack (>= 0.3.2)
      hashdiff
    webrobots (0.1.2)
    websocket-driver (0.6.4)
      websocket-extensions (>= 0.1.0)
    websocket-extensions (0.1.2)
    whenever (0.9.2)
      activesupport (>= 2.3.4)
      chronic (>= 0.6.3)
    xpath (2.0.0)
      nokogiri (~> 1.3)

PLATFORMS
  ruby

DEPENDENCIES
  airbrake (~> 4.0)
  better_errors
  capybara
  factory_girl_rails
  houston-alerts!
  houston-brakeman!
  houston-conversations!
  houston-core!
  houston-dashboards!
  houston-feedback!
  houston-nanoconfs!
  houston-reports!
  houston-roadmaps!
  houston-scheduler!
  houston-slack!
  houston-support_form!
  houston-testing_report!
  itsm!
  letter_opener
  logeater!
  mechanize
  minitest
  minitest-reporters
  minitest-reporters-turn_reporter
  pry
  rr
  ruby-ntlm!
  shoulda-context
  simplecov-json
  skylight
  spring
  standalone_migrations (~> 4.0.4)
  star!
  sucker_punch (~> 1.6)
  therubyracer
  timecop
  unicorn-rails
  viewpoint
  webmock

BUNDLED WITH
   1.11.2
