GIT
  remote: git://github.com/cph/houston-dashboards.git
  revision: e92c93006bb162cf58b6a158ef019c09723a10bb
  branch: master
  specs:
    houston-dashboards (0.0.1)
      ruby-ntlm
      savon (~> 2.0)

GIT
  remote: git://github.com/cph/houston-nanoconfs.git
  revision: 8e36fc2819b4fda4371ea5ea917b6f001344ece1
  branch: master
  specs:
    houston-nanoconfs (0.0.1)

GIT
  remote: git://github.com/cph/houston-reports.git
  revision: 86470528e754ba73aa081f2ce417f9c0ed05b9cc
  branch: master
  specs:
    houston-reports (0.0.1)

GIT
  remote: git://github.com/cph/houston-support_form.git
  revision: bbfe2533e44053d6c4c0d60b67bcdaa3097129b3
  branch: master
  specs:
    houston-support_form (0.0.1)

GIT
  remote: git://github.com/cph/itsm.git
  revision: dbe9b64b9fd8a5c6dcc577adb6075c2f603d5fa8
  branch: master
  specs:
    itsm (0.0.1)
      nokogiri
      ruby-ntlm
      savon (~> 2.0)

GIT
  remote: git://github.com/cph/star.git
  revision: 410e20b76b5fe25f4070441ba7d3faf92f2e907e
  branch: master
  specs:
    star (0.0.1)
      faraday
      faraday-raise-errors
      multi_json
      nokogiri
      ruby-ntlm

GIT
  remote: git://github.com/houston/houston-alerts.git
  revision: 612f37df71ed825e3f5605b9bb73997c517645c9
  branch: master
  specs:
    houston-alerts (0.0.1)

GIT
  remote: git://github.com/houston/houston-brakeman.git
  revision: 1ef68d95237b8a2eeab8b52350c98a9e727acbe2
  branch: master
  specs:
    houston-brakeman (0.0.1)

GIT
  remote: git://github.com/houston/houston-core.git
  revision: 14f03ea2a13031a07c813bfde60bb13312b7f7b8
  branch: master
  specs:
    houston-core (0.6.3)
      activerecord-import
      activerecord-pluck_in_batches
      addressable (~> 2.3.8)
      boblail-unfuddle
      browser (~> 1.1.0)
      bundler
      cancan (~> 1.6.10)
      codeclimate-test-reporter (= 0.4.8)
      coffee-rails (~> 4.1.0)
      default_value_for (= 3.0.1)
      devise (~> 3.5.0)
      devise_invitable (~> 1.5.3)
      engineyard (~> 3.2.1)
      faraday (~> 0.9.2)
      faraday-http-cache (~> 1.2.2)
      faraday-raise-errors (~> 0.2.0)
      gemoji (~> 2.1.0)
      googlecharts (~> 1.6.12)
      handlebars_assets (~> 0.23.0)
      houston-devise_ldap_authenticatable
      houston-vestal_versions
      hpricot (~> 0.8.6)
      neat-rails
      nested_editor_for
      nokogiri
      oauth2
      octokit (~> 4.3.0)
      oj (~> 2.13)
      openxml-xlsx (>= 0.2.0)
      pg (~> 0.18.3)
      pg_search (~> 1.0.5)
      premailer (~> 1.8.6)
      progressbar
      rack-utf8_sanitizer (~> 1.3.1)
      rails (~> 4.2.5.1)
      redcarpet (~> 3.3.2)
      rufus-scheduler (~> 3.2.0)
      rugged (~> 0.24.0)
      sass-rails (~> 5.0)
      simplecov (~> 0.9.1)
      strongbox (~> 0.7.2)
      thor
      thread_safe (~> 0.3.5)
      uglifier (>= 2.7.2)
      whenever (= 0.9.2)

GIT
  remote: git://github.com/houston/houston-feedback.git
  revision: ce71cc049018017b4e39f3c04bd6b8b0eb746770
  branch: master
  specs:
    houston-feedback (0.0.1)
      activerecord-import
      pg_search
      rails

GIT
  remote: git://github.com/houston/houston-roadmaps.git
  revision: 2358ece2e6797172c8da39da6d6169dd65613f4a
  branch: master
  specs:
    houston-roadmaps (0.1.0)
      houston-core (>= 0.6.2)
      neat-rails (>= 0.2.0)

GIT
  remote: git://github.com/houston/houston-scheduler.git
  revision: ecf5ece01d5761ae59f6940fdcd8c63528e1127a
  branch: master
  specs:
    houston-scheduler (0.0.1)

GIT
  remote: git://github.com/houston/houston-slack.git
  revision: 23817001dfd9efe3acb8ae75c9fffa3e14c2addd
  branch: master
  specs:
    houston-slack (0.0.1)
      slacks

GEM
  remote: https://rubygems.org/
  specs:
    actionmailer (4.2.5.2)
      actionpack (= 4.2.5.2)
      actionview (= 4.2.5.2)
      activejob (= 4.2.5.2)
      mail (~> 2.5, >= 2.5.4)
      rails-dom-testing (~> 1.0, >= 1.0.5)
    actionpack (4.2.5.2)
      actionview (= 4.2.5.2)
      activesupport (= 4.2.5.2)
      rack (~> 1.6)
      rack-test (~> 0.6.2)
      rails-dom-testing (~> 1.0, >= 1.0.5)
      rails-html-sanitizer (~> 1.0, >= 1.0.2)
    actionview (4.2.5.2)
      activesupport (= 4.2.5.2)
      builder (~> 3.1)
      erubis (~> 2.7.0)
      rails-dom-testing (~> 1.0, >= 1.0.5)
      rails-html-sanitizer (~> 1.0, >= 1.0.2)
    activejob (4.2.5.2)
      activesupport (= 4.2.5.2)
      globalid (>= 0.3.0)
    activemodel (4.2.5.2)
      activesupport (= 4.2.5.2)
      builder (~> 3.1)
    activerecord (4.2.5.2)
      activemodel (= 4.2.5.2)
      activesupport (= 4.2.5.2)
      arel (~> 6.0)
    activerecord-import (0.13.0)
      activerecord (>= 3.0)
    activerecord-pluck_in_batches (0.1.1)
      activerecord
    activesupport (4.2.5.2)
      i18n (~> 0.7)
      json (~> 1.7, >= 1.7.7)
      minitest (~> 5.1)
      thread_safe (~> 0.3, >= 0.3.4)
      tzinfo (~> 1.1)
    addressable (2.3.8)
    airbrake (4.3.6)
      builder
      multi_json
    akami (1.3.1)
      gyoku (>= 0.4.0)
      nokogiri
    ansi (1.5.0)
    arel (6.0.3)
    bcrypt (3.1.11)
    better_errors (2.1.1)
      coderay (>= 1.0.0)
      erubis (>= 2.6.6)
      rack (>= 0.9.0)
    boblail-unfuddle (0.7.1)
      activesupport
      builder
      faraday (>= 0.8, < 0.10)
    browser (1.1.0)
    builder (3.2.2)
    callsite (0.0.11)
    cancan (1.6.10)
    capybara (2.7.0)
      addressable
      mime-types (>= 1.16)
      nokogiri (>= 1.3.3)
      rack (>= 1.0.0)
      rack-test (>= 0.5.4)
      xpath (~> 2.0)
    celluloid (0.17.3)
      celluloid-essentials
      celluloid-extras
      celluloid-fsm
      celluloid-pool
      celluloid-supervision
      timers (>= 4.1.1)
    celluloid-essentials (0.20.5)
      timers (>= 4.1.1)
    celluloid-extras (0.20.5)
      timers (>= 4.1.1)
    celluloid-fsm (0.20.5)
      timers (>= 4.1.1)
    celluloid-pool (0.20.5)
      timers (>= 4.1.1)
    celluloid-supervision (0.20.5)
      timers (>= 4.1.1)
    chronic (0.10.2)
    codeclimate-test-reporter (0.4.8)
      simplecov (>= 0.7.1, < 1.0.0)
    coderay (1.1.1)
    coffee-rails (4.1.1)
      coffee-script (>= 2.2.0)
      railties (>= 4.0.0, < 5.1.x)
    coffee-script (2.4.1)
      coffee-script-source
      execjs
    coffee-script-source (1.10.0)
    concurrent-ruby (1.0.1)
    crack (0.4.3)
      safe_yaml (~> 1.0.0)
    css_parser (1.4.1)
      addressable
    default_value_for (3.0.1)
      activerecord (>= 3.2.0, < 5.0)
    devise (3.5.7)
      bcrypt (~> 3.0)
      orm_adapter (~> 0.1)
      railties (>= 3.2.6, < 5)
      responders
      thread_safe (~> 0.1)
      warden (~> 1.2.3)
    devise_invitable (1.5.5)
      actionmailer (>= 3.2.6, < 5)
      devise (>= 3.2.0)
    docile (1.1.5)
    domain_name (0.5.20160310)
      unf (>= 0.0.5, < 1.0.0)
    engineyard (3.2.1)
      engineyard-cloud-client (~> 2.1)
      engineyard-serverside-adapter (~> 2.2)
      escape (~> 0.0.4)
      highline (~> 1.6.1)
      launchy (~> 2.1)
      net-ssh (~> 2.7)
    engineyard-cloud-client (2.1.1)
      multi_json (~> 1.6)
      rest-client (~> 1.7)
    engineyard-serverside-adapter (2.4.0)
      escape (~> 0.0.4)
      multi_json (~> 1.6)
    erubis (2.7.0)
    escape (0.0.4)
    execjs (2.6.0)
    factory_girl (4.7.0)
      activesupport (>= 3.0.0)
    factory_girl_rails (4.7.0)
      factory_girl (~> 4.7.0)
      railties (>= 3.0.0)
    faraday (0.9.2)
      multipart-post (>= 1.2, < 3)
    faraday-http-cache (1.2.2)
      faraday (~> 0.8)
    faraday-raise-errors (0.2.0)
      faraday
    gemoji (2.1.0)
    git-version-bump (0.15.1)
    globalid (0.3.6)
      activesupport (>= 4.1.0)
    googlecharts (1.6.12)
    gyoku (1.3.1)
      builder (>= 2.1.2)
    handlebars_assets (0.23.0)
      execjs (~> 2.0)
      multi_json (~> 1.0)
      sprockets (>= 2.0.0)
      tilt (>= 1.2)
    hashdiff (0.3.0)
    hashie (3.4.3)
    highline (1.6.21)
    hitimes (1.2.3)
    houston-devise_ldap_authenticatable (0.7.1)
      devise (>= 3.0.0)
      net-ldap (~> 0.12.1)
    houston-vestal_versions (2.0.0)
      activerecord (>= 3, < 5)
      activesupport (>= 3, < 5)
    hpricot (0.8.6)
    htmlentities (4.3.4)
    http-cookie (1.0.2)
      domain_name (~> 0.5)
    httpi (2.4.1)
      rack
    i18n (0.7.0)
    inflection (1.0.0)
    json (1.8.3)
    jwt (1.5.1)
    kgio (2.10.0)
    launchy (2.4.3)
      addressable (~> 2.3)
    letter_opener (1.4.1)
      launchy (~> 2.2)
    libv8 (3.16.14.13)
    loofah (2.0.3)
      nokogiri (>= 1.5.9)
    mail (2.6.4)
      mime-types (>= 1.16, < 4)
    meta_request (0.4.0)
      callsite (~> 0.0, >= 0.0.11)
      rack-contrib (~> 1.1)
      railties (>= 3.0.0, < 5.1.0)
    method_source (0.8.2)
    mime-types (2.99.1)
    mini_portile2 (2.0.0)
    minitest (5.8.4)
    minitest-reporters (1.1.8)
      ansi
      builder
      minitest (>= 5.0)
      ruby-progressbar
    minitest-reporters-turn_reporter (0.1.0)
      minitest-reporters
    multi_json (1.11.2)
    multi_xml (0.5.5)
    multipart-post (2.0.0)
    neat-rails (0.5.0)
    nested_editor_for (0.1.0)
    net-ldap (0.12.1)
    net-ssh (2.9.4)
    netrc (0.11.0)
    nokogiri (1.6.7.2)
      mini_portile2 (~> 2.0.0.rc2)
    nori (2.6.0)
    oauth2 (1.1.0)
      faraday (>= 0.8, < 0.10)
      jwt (~> 1.0, < 1.5.2)
      multi_json (~> 1.3)
      multi_xml (~> 0.5)
      rack (>= 1.2, < 3)
    octokit (4.3.0)
      sawyer (~> 0.7.0, >= 0.5.3)
    oj (2.15.0)
    openxml-package (0.2.4)
      nokogiri
      ox
      rubyzip (~> 1.1.0)
    openxml-xlsx (0.2.3)
      nokogiri
      openxml-package (>= 0.2.0)
    orm_adapter (0.5.0)
    ox (2.4.0)
    pg (0.18.4)
    pg_search (1.0.5)
      activerecord (>= 3.1)
      activesupport (>= 3.1)
      arel
    premailer (1.8.6)
      css_parser (>= 1.3.6)
      htmlentities (>= 4.0.0)
    progressbar (0.21.0)
    pry (0.10.3)
      coderay (~> 1.1.0)
      method_source (~> 0.8.1)
      slop (~> 3.4)
    rack (1.6.4)
    rack-contrib (1.4.0)
      git-version-bump (~> 0.15)
      rack (~> 1.4)
    rack-test (0.6.3)
      rack (>= 1.0)
    rack-utf8_sanitizer (1.3.2)
      rack (>= 1.0, < 3.0)
    rails (4.2.5.2)
      actionmailer (= 4.2.5.2)
      actionpack (= 4.2.5.2)
      actionview (= 4.2.5.2)
      activejob (= 4.2.5.2)
      activemodel (= 4.2.5.2)
      activerecord (= 4.2.5.2)
      activesupport (= 4.2.5.2)
      bundler (>= 1.3.0, < 2.0)
      railties (= 4.2.5.2)
      sprockets-rails
    rails-deprecated_sanitizer (1.0.3)
      activesupport (>= 4.2.0.alpha)
    rails-dom-testing (1.0.7)
      activesupport (>= 4.2.0.beta, < 5.0)
      nokogiri (~> 1.6.0)
      rails-deprecated_sanitizer (>= 1.0.1)
    rails-html-sanitizer (1.0.3)
      loofah (~> 2.0)
    railties (4.2.5.2)
      actionpack (= 4.2.5.2)
      activesupport (= 4.2.5.2)
      rake (>= 0.8.7)
      thor (>= 0.18.1, < 2.0)
    raindrops (0.16.0)
    rake (11.1.2)
    redcarpet (3.3.4)
    ref (2.0.0)
    responders (2.1.2)
      railties (>= 4.2.0, < 5.1)
    rest-client (1.8.0)
      http-cookie (>= 1.0.2, < 2.0)
      mime-types (>= 1.16, < 3.0)
      netrc (~> 0.7)
    rr (1.1.2)
    ruby-ntlm (0.0.1)
    ruby-progressbar (1.7.5)
    rubyzip (1.1.7)
    rufus-scheduler (3.2.0)
    rugged (0.24.0)
    safe_yaml (1.0.4)
    sass (3.4.22)
    sass-rails (5.0.4)
      railties (>= 4.0.0, < 5.0)
      sass (~> 3.1)
      sprockets (>= 2.8, < 4.0)
      sprockets-rails (>= 2.0, < 4.0)
      tilt (>= 1.1, < 3)
    savon (2.11.1)
      akami (~> 1.2)
      builder (>= 2.1.2)
      gyoku (~> 1.2)
      httpi (~> 2.3)
      nokogiri (>= 1.4.0)
      nori (~> 2.4)
      wasabi (~> 3.4)
    sawyer (0.7.0)
      addressable (>= 2.3.5, < 2.5)
      faraday (~> 0.8, < 0.10)
    scrub_rb (1.0.1)
    shoulda-context (1.2.1)
    simplecov (0.9.2)
      docile (~> 1.1.0)
      multi_json (~> 1.0)
      simplecov-html (~> 0.9.0)
    simplecov-html (0.9.0)
    simplecov-json (0.2)
      json
      simplecov
    skylight (0.10.3)
      activesupport (>= 3.0.0)
    slacks (0.0.1)
      faraday
      faraday-raise-errors
      multi_json
      thread_safe
      websocket-driver
    slop (3.6.0)
    spring (1.7.1)
    sprockets (3.6.0)
      concurrent-ruby (~> 1.0)
      rack (> 1, < 3)
    sprockets-rails (3.0.4)
      actionpack (>= 4.0)
      activesupport (>= 4.0)
      sprockets (>= 3.0.0)
    strongbox (0.7.2)
      activerecord
    sucker_punch (1.6.0)
      celluloid (~> 0.17.2)
    therubyracer (0.12.2)
      libv8 (~> 3.16.14.0)
      ref
    thor (0.19.1)
    thread_safe (0.3.5)
    tilt (2.0.2)
    timecop (0.8.1)
    timers (4.1.1)
      hitimes
    tzinfo (1.2.2)
      thread_safe (~> 0.1)
    uglifier (3.0.0)
      execjs (>= 0.3.0, < 3)
    unf (0.1.4)
      unf_ext
    unf_ext (0.0.7.2)
    unicorn (5.1.0)
      kgio (~> 2.6)
      raindrops (~> 0.7)
    unicorn-rails (2.2.0)
      rack
      unicorn
    warden (1.2.6)
      rack (>= 1.0)
    wasabi (3.5.0)
      httpi (~> 2.0)
      nokogiri (>= 1.4.2)
    webmock (1.24.3)
      addressable (>= 2.3.6)
      crack (>= 0.3.2)
      hashdiff
    websocket-driver (0.6.3)
      websocket-extensions (>= 0.1.0)
    websocket-extensions (0.1.2)
    whenever (0.9.2)
      activesupport (>= 2.3.4)
      chronic (>= 0.6.3)
    xpath (2.0.0)
      nokogiri (~> 1.3)
    zendesk_api (1.13.4)
      faraday (~> 0.9)
      hashie (>= 1.2, < 4.0, != 3.3.0)
      inflection
      mime-types (~> 2.99)
      multipart-post (~> 2.0)
      scrub_rb (~> 1.0.1)

PLATFORMS
  ruby

DEPENDENCIES
  airbrake (~> 4.0)
  better_errors
  capybara
  factory_girl_rails
  houston-alerts!
  houston-brakeman!
  houston-core!
  houston-dashboards!
  houston-feedback!
  houston-nanoconfs!
  houston-reports!
  houston-roadmaps!
  houston-scheduler!
  houston-slack!
  houston-support_form!
  itsm!
  letter_opener
  meta_request
  minitest
  minitest-reporters
  minitest-reporters-turn_reporter
  pry
  rr
  shoulda-context
  simplecov-json
  skylight
  spring
  star!
  sucker_punch (~> 1.6)
  therubyracer
  timecop
  unicorn-rails
  webmock
  zendesk_api (~> 1.13)

BUNDLED WITH
   1.11.2
